GIT
	remote: https://github.com/sparklemotion/sqlite3-ruby
	revision: b6a9d731c2004d96e6b458c661d156b6a94a4f58
	specs:
		sqlite3 (1.3.13.20180326210955)

GEM
	remote: https://rubygems.org/
	specs:
	ZenTest (4.11.2)
	abstract_type (0.0.7)
	actionmailer (4.2.10)
	actionpack (= 4.2.10)
	actionview (= 4.2.10)
	activejob (= 4.2.10)
	mail (~> 2.5, >= 2.5.4)
	rails-dom-testing (~> 1.0, >= 1.0.5)
	actionpack (4.2.10)
	actionview (= 4.2.10)
	activesupport (= 4.2.10)
	rack (~> 1.6)
	rack-test (~> 0.6.2)
	rails-dom-testing (~> 1.0, >= 1.0.5)
	rails-html-sanitizer (~> 1.0, >= 1.0.2)
	actionview (4.2.10)
	activesupport (= 4.2.10)
	builder (~> 3.1)
	erubis (~> 2.7.0)
	rails-dom-testing (~> 1.0, >= 1.0.5)
	rails-html-sanitizer (~> 1.0, >= 1.0.3)
	activejob (4.2.10)
	activesupport (= 4.2.10)
	globalid (>= 0.3.0)
	activemodel (4.2.10)
	activesupport (= 4.2.10)
	builder (~> 3.1)
	activerecord (4.2.10)
	activemodel (= 4.2.10)
	activesupport (= 4.2.10)
	arel (~> 6.0)
	activesupport (4.2.10)
	i18n (~> 0.7)
	minitest (~> 5.1)
	thread_safe (~> 0.3, >= 0.3.4)
	tzinfo (~> 1.1)
	adamantium (0.2.0)
	ice_nine (~> 0.11.0)
	memoizable (~> 0.4.0)
	addressable (2.6.0)
	public_suffix (>= 2.0.2, < 4.0)
	arel (6.0.4)
	arrayfields (4.9.2)
	ast (2.4.0)
	autoprefixer-rails (9.5.1.1)
	execjs
	backports (3.14.0)
	binding_of_caller (0.8.0)
	debug_inspector (>= 0.0.1)
	bootstrap (4.0.0)
	autoprefixer-rails (>= 6.0.3)
	popper_js (>= 1.12.9, < 2)
	sass (>= 3.5.2)
	builder (3.2.3)
	byebug (11.0.1)
	cane (2.6.2)
	parallel
	capybara (3.18.0)
	addressable
	mini_mime (>= 0.1.3)
	<<<<<<< HEAD
	nokogiri (~> 1.8)
	rack (>= 1.6.0)
	rack-test (>= 0.6.3)
	regexp_parser (~> 1.2)
	xpath (~> 3.2)
	<<<<<<< HEAD
	chartkick (3.0.2)
	=======
	=======
	nokogiri (>= 1.3.3)
	rack (>= 1.0.0)
	rack-test (>= 0.5.4)
	xpath (>= 2.0, < 4.0)
	chartkick (3.0.2)
	>>>>>>> add charts to the instituational_research section
	>>>>>>> update add_charts
	choice (0.2.0)
	chronic (0.10.2)
	churn (0.0.35)
	chronic (>= 0.2.3)
	hirb
	json_pure
	main
	rest-client (>= 1.6.0)
	ruby_parser (~> 3.0)
	sexp_processor (~> 4.1)
	code_analyzer (0.4.8)
	sexp_processor
	code_metrics (0.1.3)
	coderay (1.1.2)
	coffee-rails (4.1.1)
	coffee-script (>= 2.2.0)
	railties (>= 4.0.0, < 5.1.x)
	coffee-script (2.4.1)
	coffee-script-source
	execjs
	coffee-script-source (1.12.2)
	concord (0.1.5)
	adamantium (~> 0.2.0)
	equalizer (~> 0.0.9)
	concurrent-ruby (1.1.5)
	crass (1.0.4)
	cucumber (3.1.2)
	builder (>= 2.1.2)
	cucumber-core (~> 3.2.0)
	cucumber-expressions (~> 6.0.1)
	cucumber-wire (~> 0.0.1)
	diff-lcs (~> 1.3)
	gherkin (~> 5.1.0)
	multi_json (>= 1.7.5, < 2.0)
	multi_test (>= 0.1.2)
	cucumber-core (3.2.1)
	backports (>= 3.8.0)
	cucumber-tag_expressions (~> 1.1.0)
	gherkin (~> 5.0)
	cucumber-expressions (6.0.1)
	cucumber-rails (1.7.0)
	capybara (>= 2.3.0, < 4)
	cucumber (>= 3.0.2, < 4)
	mime-types (>= 1.17, < 4)
	nokogiri (~> 1.8)
	railties (>= 4.2, < 7)
	cucumber-rails-training-wheels (1.0.0)
	cucumber-rails (>= 1.1.1)
	cucumber-tag_expressions (1.1.1)
	cucumber-wire (0.0.1)
	database_cleaner (1.4.1)
	debug_inspector (0.0.3)
	declarative (0.0.10)
	declarative-option (0.1.0)
	diff-lcs (1.3)
	domain_name (0.5.20180417)
	unf (>= 0.0.5, < 1.0.0)
	equalizer (0.0.11)
	erubis (2.7.0)
	execjs (2.7.0)
	faraday (0.15.4)
	multipart-post (>= 1.2, < 3)
	fattr (2.4.0)
	ffi (1.10.0-x64-mingw32)
	figaro (1.1.1)
	thor (~> 0.14)
	flay (2.12.0)
	erubis (~> 2.7.0)
	path_expander (~> 1.0)
	ruby_parser (~> 3.0)
	sexp_processor (~> 4.0)
	flog (4.6.2)
	path_expander (~> 1.0)
	ruby_parser (~> 3.1, > 3.1.0)
	sexp_processor (~> 4.8)
	gherkin (5.1.0)
	globalid (0.4.2)
	activesupport (>= 4.2.0)
	google-api-client (0.29.1)
	addressable (~> 2.5, >= 2.5.1)
	googleauth (>= 0.5, < 0.10.0)
	httpclient (>= 2.8.1, < 3.0)
	mime-types (~> 3.0)
	representable (~> 3.0)
	retriable (>= 2.0, < 4.0)
	signet (~> 0.10)
	googleauth (0.8.1)
	faraday (~> 0.12)
	jwt (>= 1.4, < 3.0)
	memoist (~> 0.16)
	multi_json (~> 1.11)
	os (>= 0.9, < 2.0)
	signet (~> 0.7)
	haml (5.0.4)
	temple (>= 0.8.0)
	tilt
	hashie (3.6.0)
	hirb (0.7.3)
	http-cookie (1.0.3)
	domain_name (~> 0.5)
	httpclient (2.8.3)
	i18n (0.9.5)
	concurrent-ruby (~> 1.0)
	ice_nine (0.11.2)
	jbuilder (2.8.0)
	activesupport (>= 4.2.0)
	multi_json (>= 1.2)
	jquery-rails (4.3.3)
	rails-dom-testing (>= 1, < 3)
	railties (>= 4.2.0)
	thor (>= 0.14, < 2.0)
	json (1.8.6)
	json_pure (2.2.0)
	jwt (2.1.0)
	launchy (2.4.3)
	addressable (~> 2.3)
	loofah (2.2.3)
	crass (~> 1.0.2)
	nokogiri (>= 1.5.9)
	mail (2.7.1)
	mini_mime (>= 0.1.1)
	mailgun-ruby (1.1.11)
	rest-client (~> 2.0.2)
	main (6.2.2)
	arrayfields (~> 4.7, >= 4.7.4)
	chronic (~> 0.6, >= 0.6.2)
	fattr (~> 2.2, >= 2.2.0)
	map (~> 6.1, >= 6.1.0)
	map (6.6.0)
	memoist (0.16.0)
	memoizable (0.4.2)
	thread_safe (~> 0.3, >= 0.3.1)
	metric_fu (4.12.0)
	cane (~> 2.5, >= 2.5.2)
	churn (~> 0.0.35)
	code_metrics (~> 0.1)
	coderay
	flay (~> 2.1, >= 2.0.1)
	flog (~> 4.1, >= 4.1.1)
	launchy (~> 2.0)
	metric_fu-Saikuro (~> 1.1, >= 1.1.3)
	multi_json
	rails_best_practices (~> 1.14, >= 1.14.3)
	redcard
	reek (>= 1.3.4, < 3.0)
	roodi (~> 3.1)
	metric_fu-Saikuro (1.1.3)
	mime-types (3.2.2)
	mime-types-data (~> 3.2015)
	mime-types-data (3.2019.0331)
	mini_mime (1.0.1)
	mini_portile2 (2.4.0)
	minitest (5.11.3)
	multi_json (1.13.1)
	multi_test (0.1.2)
	multi_xml (0.6.0)
	multipart-post (2.0.0)
	netrc (0.11.0)
	nokogiri (1.10.3-x64-mingw32)
	mini_portile2 (~> 2.4.0)
	oauth2 (1.4.1)
	faraday (>= 0.8, < 0.16.0)
	jwt (>= 1.0, < 3.0)
	multi_json (~> 1.3)
	multi_xml (~> 0.5)
	rack (>= 1.2, < 3)
	odf-report (0.6.0)
	nokogiri (>= 1.5.0)
	rubyzip (~> 1.2.0)
	omniauth (1.9.0)
	hashie (>= 3.4.6, < 3.7.0)
	rack (>= 1.6.2, < 3)
	omniauth-google-oauth2 (0.6.1)
	jwt (>= 2.0)
	omniauth (>= 1.1.1)
	omniauth-oauth2 (>= 1.5)
	omniauth-oauth2 (1.6.0)
	oauth2 (~> 1.1)
	omniauth (~> 1.9)
	os (1.0.1)
	parallel (1.17.0)
	parser (2.5.3.0)
	ast (~> 2.4.0)
	path_expander (1.0.3)
	pg (1.1.4-x64-mingw32)
	popper_js (1.12.9)
	procto (0.0.3)
	public_suffix (3.0.3)
	rack (1.6.11)
	rack-test (0.6.3)
	rack (>= 1.0)
	rails (4.2.10)
	actionmailer (= 4.2.10)
	actionpack (= 4.2.10)
	actionview (= 4.2.10)
	activejob (= 4.2.10)
	activemodel (= 4.2.10)
	activerecord (= 4.2.10)
	activesupport (= 4.2.10)
	bundler (>= 1.3.0, < 2.0)
	railties (= 4.2.10)
	sprockets-rails
	rails-deprecated_sanitizer (1.0.3)
	activesupport (>= 4.2.0.alpha)
	rails-dom-testing (1.0.9)
	activesupport (>= 4.2.0, < 5.0)
	nokogiri (~> 1.6)
	rails-deprecated_sanitizer (>= 1.0.1)
	rails-erd (1.5.2)
	activerecord (>= 3.2)
	activesupport (>= 3.2)
	choice (~> 0.2.0)
	ruby-graphviz (~> 1.2)
	rails-html-sanitizer (1.0.4)
	loofah (~> 2.2, >= 2.2.2)
	rails_12factor (0.0.3)
	rails_serve_static_assets
	rails_stdout_logging
	rails_best_practices (1.19.4)
	activesupport
	code_analyzer (>= 0.4.8)
	erubis
	i18n
	json
	require_all (~> 2.0)
	ruby-progressbar
	rails_serve_static_assets (0.0.5)
	rails_stdout_logging (0.0.5)
	railties (4.2.10)
	actionpack (= 4.2.10)
	activesupport (= 4.2.10)
	rake (>= 0.8.7)
	thor (>= 0.18.1, < 2.0)
	rainbow (2.2.2)
	rake
	rake (12.3.2)
	rb-fsevent (0.10.3)
	rb-inotify (0.10.0)
	ffi (~> 1.0)
	rdoc (4.3.0)
	redcard (1.1.0)
	reek (2.2.1)
	parser (~> 2.2)
	rainbow (~> 2.0)
	unparser (~> 0.2.2)
	regexp_parser (1.4.0)
	representable (3.0.4)
	declarative (< 0.1.0)
	declarative-option (< 0.2.0)
	uber (< 0.2.0)
	require_all (2.0.0)
	rest-client (2.0.2-x64-mingw32)
	ffi (~> 1.9)
	http-cookie (>= 1.0.2, < 2.0)
	mime-types (>= 1.16, < 4.0)
	netrc (~> 0.8)
	retriable (3.1.2)
	roodi (3.3.1)
	ruby_parser (~> 3.2, >= 3.2.2)
	rspec-core (3.8.0)
	rspec-support (~> 3.8.0)
	rspec-expectations (3.8.3)
	diff-lcs (>= 1.2.0, < 2.0)
	rspec-support (~> 3.8.0)
	rspec-mocks (3.8.0)
	diff-lcs (>= 1.2.0, < 2.0)
	rspec-support (~> 3.8.0)
	rspec-rails (3.8.2)
	actionpack (>= 3.0)
	activesupport (>= 3.0)
	railties (>= 3.0)
	rspec-core (~> 3.8.0)
	rspec-expectations (~> 3.8.0)
	rspec-mocks (~> 3.8.0)
	rspec-support (~> 3.8.0)
	rspec-support (3.8.0)
	ruby-graphviz (1.2.4)
	ruby-progressbar (1.10.0)
	ruby_parser (3.13.1)
	sexp_processor (~> 4.9)
	rubyzip (1.2.2)
	sass (3.7.4)
	sass-listen (~> 4.0.0)
	sass-listen (4.0.0)
	rb-fsevent (~> 0.9, >= 0.9.4)
	rb-inotify (~> 0.9, >= 0.9.7)
	sass-rails (5.0.7)
	railties (>= 4.0.0, < 6)
	sass (~> 3.1)
	sprockets (>= 2.8, < 4.0)
	sprockets-rails (>= 2.0, < 4.0)
	tilt (>= 1.1, < 3)
	sdoc (0.4.2)
	json (~> 1.7, >= 1.7.7)
	rdoc (~> 4.0)
	sexp_processor (4.12.0)
	signet (0.11.0)
	addressable (~> 2.3)
	faraday (~> 0.9)
	jwt (>= 1.5, < 3.0)
	multi_json (~> 1.10)
	spring (2.0.2)
	activesupport (>= 4.2)
	sprockets (3.7.2)
	concurrent-ruby (~> 1.0)
	rack (> 1, < 3)
	sprockets-rails (3.2.1)
	actionpack (>= 4.0)
	activesupport (>= 4.0)
	sprockets (>= 3.0.0)
	temple (0.8.1)
	thor (0.20.3)
	thread_safe (0.3.6)
	tilt (2.0.9)
	turbolinks (5.2.0)
	turbolinks-source (~> 5.2)
	turbolinks-source (5.2.0)
	tzinfo (1.2.5)
	thread_safe (~> 0.1)
	tzinfo-data (1.2019.1)
	tzinfo (>= 1.0.0)
	uber (0.1.0)
	uglifier (4.1.20)
	execjs (>= 0.3.0, < 3)
	unf (0.1.4)
	unf_ext
	unf_ext (0.0.7.6)
	unparser (0.2.8)
	abstract_type (~> 0.0.7)
	adamantium (~> 0.2.0)
	concord (~> 0.1.5)
	diff-lcs (~> 1.3)
	equalizer (~> 0.0.9)
	parser (>= 2.3.1.2, < 2.6)
	procto (~> 0.0.2)
	web-console (2.3.0)
	activemodel (>= 4.0)
	binding_of_caller (>= 0.7.2)
	railties (>= 4.0)
	sprockets-rails (>= 2.0, < 4.0)
	xpath (3.2.0)
	nokogiri (~> 1.8)

	PLATFORMS
	x64-mingw32

	DEPENDENCIES
	ZenTest (= 4.11.2)
	bootstrap (~> 4.0.0)
	byebug
	chartkick
	coffee-rails (~> 4.1.0)
	cucumber-rails
	cucumber-rails-training-wheels
	database_cleaner (= 1.4.1)
	figaro
	google-api-client
	haml
	jbuilder (~> 2.0)
	jquery-rails
	launchy
	mail (~> 2.6, >= 2.6.4)
	mailgun-ruby (~> 1.1.6)
	metric_fu
	odf-report
	omniauth-google-oauth2
	pg (~> 1.1, >= 1.1.4)
	popper_js (~> 1.12.9)
	rails (= 4.2.10)
	rails-erd
	rails_12factor
	rspec-rails
	rubyzip
	sass-rails (~> 5.0)
	sdoc (~> 0.4.0)
	spring
	sprockets-rails
	sqlite3!
	therubyracer
	turbolinks
	tzinfo-data
	uglifier (>= 1.3.0)
	web-console (~> 2.0)

BUNDLED WITH
	1.17.3
